PATH
  remote: .
  specs:
    rex (2.0.12)
      filesize (~> 0)
      jsobfu (~> 0)
      json (~> 2)
      metasm (~> 1)
      nokogiri (~> 1)
      rb-readline (~> 0)

GEM
  remote: https://rubygems.org/
  specs:
    filesize (0.1.1)
    jsobfu (0.4.2)
      rkelly-remix
    json (2.1.0)
    metasm (1.0.3)
    mini_portile2 (2.2.0)
    nokogiri (1.8.0)
      mini_portile2 (~> 2.2.0)
    rb-readline (0.5.5)
    rkelly-remix (0.0.7)

PLATFORMS
  ruby

DEPENDENCIES
  rex!

BUNDLED WITH
   1.15.4
